GIT
  remote: git://github.com/kytrinyx/approvals.git
  revision: 674cf6461c2dfeaaa6902c11db1549711008691e
  specs:
    approvals (0.0.16)
      nokogiri (~> 1.6)
      thor (~> 0.18)

GIT
  remote: git://github.com/postrank-labs/goliath.git
  revision: f8acf8fc988f0cf5a98057d5cb5bc206b438fb1f
  specs:
    goliath (1.0.3)
      async-rack
      em-synchrony (>= 1.0.0)
      em-websocket (= 0.3.8)
      eventmachine (>= 1.0.0.beta.4)
      http_parser.rb (= 0.6.0)
      log4r
      multi_json
      rack (>= 1.2.2)
      rack-contrib
      rack-respond_to

GEM
  remote: http://rubygems.org/
  specs:
    activesupport (4.1.1)
      i18n (~> 0.6, >= 0.6.9)
      json (~> 1.7, >= 1.7.7)
      minitest (~> 5.1)
      thread_safe (~> 0.1)
      tzinfo (~> 1.1)
    addressable (2.3.6)
    appsignal (0.8.14)
      activesupport (>= 3.0)
      rack
      thread_safe
    async-rack (0.5.1)
      rack (~> 1.1)
    codeclimate-test-reporter (0.3.0)
      simplecov (>= 0.7.1, < 1.0.0)
    cookiejar (0.3.2)
    diff-lcs (1.2.5)
    docile (1.1.3)
    em-http-request (1.1.2)
      addressable (>= 2.3.4)
      cookiejar
      em-socksify (>= 0.3)
      eventmachine (>= 1.0.3)
      http_parser.rb (>= 0.6.0)
    em-socksify (0.3.0)
      eventmachine (>= 1.0.0.beta.4)
    em-synchrony (1.0.3)
      eventmachine (>= 1.0.0.beta.1)
    em-websocket (0.3.8)
      addressable (>= 2.1.1)
      eventmachine (>= 0.12.9)
    eventmachine (1.0.3)
    hashie (3.0.0)
    http_parser.rb (0.6.0)
    i18n (0.6.9)
    json (1.8.1)
    log4r (1.1.10)
    mini_portile (0.6.0)
    minitest (5.3.4)
    multi_json (1.10.1)
    nokogiri (1.6.2.1)
      mini_portile (= 0.6.0)
    rack (1.5.2)
    rack-accept-media-types (0.9)
    rack-contrib (1.1.0)
      rack (>= 0.9.1)
    rack-respond_to (0.9.8)
      rack-accept-media-types (>= 0.6)
    rake (10.3.2)
    rspec (3.0.0)
      rspec-core (~> 3.0.0)
      rspec-expectations (~> 3.0.0)
      rspec-mocks (~> 3.0.0)
    rspec-core (3.0.0)
      rspec-support (~> 3.0.0)
    rspec-expectations (3.0.0)
      diff-lcs (>= 1.2.0, < 2.0)
      rspec-support (~> 3.0.0)
    rspec-mocks (3.0.0)
      rspec-support (~> 3.0.0)
    rspec-support (3.0.0)
    simplecov (0.8.2)
      docile (~> 1.1.0)
      multi_json
      simplecov-html (~> 0.8.0)
    simplecov-html (0.8.0)
    thor (0.19.1)
    thread_safe (0.3.4)
    tzinfo (1.2.1)
      thread_safe (~> 0.1)

PLATFORMS
  ruby

DEPENDENCIES
  addressable
  approvals!
  appsignal
  codeclimate-test-reporter
  em-http-request
  em-synchrony
  eventmachine
  goliath!
  hashie
  rake
  rspec (~> 3.0.0.beta2)
